GEM
  remote: https://rubygems.org/
  specs:
    erubis (2.7.0)
    rack (1.6.4)
    rack-protection (1.5.3)
      rack
    sinatra (1.4.7)
      rack (~> 1.5)
      rack-protection (~> 1.4)
      tilt (>= 1.3, < 3)
    sinatra-partial (1.0.0)
      sinatra (~> 1.4)
    sqlite3 (1.3.12)
    tilt (2.0.5)

PLATFORMS
  ruby

DEPENDENCIES
  erubis
  sinatra
  sinatra-partial
  sqlite3

BUNDLED WITH
   1.11.2
